GEM
  remote: https://rubygems.org/
  specs:
    RedCloth (4.2.9)
    activemodel (3.2.11)
      activesupport (= 3.2.11)
      builder (~> 3.0.0)
    activesupport (3.2.11)
      i18n (~> 0.6)
      multi_json (~> 1.0)
    builder (3.0.4)
    coderay (1.0.8)
    diff-lcs (1.1.3)
    faraday (0.8.4)
      multipart-post (~> 1.1)
    i18n (0.6.1)
    method_source (0.8.1)
    mongoid (3.0.19)
      activemodel (~> 3.1)
      moped (~> 1.2)
      origin (~> 1.0)
      tzinfo (~> 0.3.22)
    moped (1.3.2)
    multi_json (1.5.0)
    multipart-post (1.1.5)
    nokogiri (1.5.6)
    origin (1.0.11)
    pry (0.9.11.3)
      coderay (~> 1.0.5)
      method_source (~> 0.8)
      slop (~> 3.4)
    rake (10.0.3)
    rspec (2.12.0)
      rspec-core (~> 2.12.0)
      rspec-expectations (~> 2.12.0)
      rspec-mocks (~> 2.12.0)
    rspec-core (2.12.2)
    rspec-expectations (2.12.1)
      diff-lcs (~> 1.1.3)
    rspec-mocks (2.12.1)
    simple_oauth (0.2.0)
    slop (3.4.3)
    twitter (4.5.0)
      faraday (~> 0.8, < 0.10)
      multi_json (~> 1.0)
      simple_oauth (~> 0.2)
    tzinfo (0.3.35)

PLATFORMS
  ruby

DEPENDENCIES
  RedCloth
  mongoid
  nokogiri
  pry
  rake
  rspec
  twitter
